PATH
  remote: .
  specs:
    stripe_tax (0.0.1)

GEM
  remote: https://rubygems.org/
  specs:
    diff-lcs (1.2.1)
    mime-types (1.21)
    multi_json (1.7.2)
    rest-client (1.6.7)
      mime-types (>= 1.16)
    rspec (2.13.0)
      rspec-core (~> 2.13.0)
      rspec-expectations (~> 2.13.0)
      rspec-mocks (~> 2.13.0)
    rspec-core (2.13.1)
    rspec-expectations (2.13.0)
      diff-lcs (>= 1.1.3, < 2.0)
    rspec-mocks (2.13.0)
    stripe (1.7.11)
      multi_json (>= 1.0.4, < 2)
      rest-client (~> 1.4)

PLATFORMS
  ruby

DEPENDENCIES
  rspec
  stripe
  stripe_tax!
